GEM
  remote: https://rubygems.org/
  specs:
    faker (1.5.0)
      i18n (~> 0.5)
    i18n (0.7.0)
    yajl-ruby (1.2.1)

PLATFORMS
  ruby

DEPENDENCIES
  faker
  yajl-ruby

BUNDLED WITH
   1.10.6
